GEM
  remote: https://rubygems.org/
  specs:
    dotenv (2.7.6)

PLATFORMS
  x86_64-darwin-18

DEPENDENCIES
  dotenv

BUNDLED WITH
   2.2.16
